PATH
  remote: .
  specs:
    users_client (1.0.0)
      typhoeus (~> 1.4.0)

GEM
  remote: https://rubygems.org/
  specs:
    ethon (0.15.0)
      ffi (>= 1.15.0)
    ffi (1.15.5-x64-mingw32)
    minitest (5.15.0)
    rake (13.0.6)
    typhoeus (1.4.0)
      ethon (>= 0.9.0)

PLATFORMS
  x64-mingw32

DEPENDENCIES
  minitest (~> 5.0)
  rake (~> 13.0)
  typhoeus
  users_client!

BUNDLED WITH
   2.2.15
